GEM
  remote: https://rubygems.org/
  specs:
    activesupport (4.2.3)
      i18n (~> 0.7)
      json (~> 1.7, >= 1.7.7)
      minitest (~> 5.1)
      thread_safe (~> 0.3, >= 0.3.4)
      tzinfo (~> 1.1)
    coderay (1.1.0)
    gmail (0.5.0)
      gmail_xoauth (>= 0.3.0)
      mail (>= 2.2.1)
    gmail_xoauth (0.4.1)
      oauth (>= 0.3.6)
    i18n (0.7.0)
    json (1.8.3)
    mail (2.6.3)
      mime-types (>= 1.16, < 3)
    method_source (0.8.2)
    mime-types (2.6.1)
    minitest (5.7.0)
    oauth (0.4.7)
    pry (0.10.1)
      coderay (~> 1.1.0)
      method_source (~> 0.8.1)
      slop (~> 3.4)
    rake (10.4.2)
    rubyzip (1.1.7)
    slop (3.6.0)
    thread_safe (0.3.5)
    tzinfo (1.2.2)
      thread_safe (~> 0.1)

PLATFORMS
  ruby

DEPENDENCIES
  activesupport
  gmail
  pry
  rake
  rubyzip
